GEM
  remote: http://rubygems.org/
  specs:
    POpen4 (0.1.4)
      Platform (>= 0.4.0)
      open4
    Platform (0.4.0)
    actionmailer (2.3.14)
      actionpack (= 2.3.14)
    actionpack (2.3.14)
      activesupport (= 2.3.14)
      rack (~> 1.1.0)
    activerecord (2.3.14)
      activesupport (= 2.3.14)
    activeresource (2.3.14)
      activesupport (= 2.3.14)
    activesupport (2.3.14)
    addressable (2.2.6)
    builder (2.1.2)
    css_parser (1.2.6)
      addressable (= 2.2.6)
    fastercsv (1.4.0)
    ferret (0.11.5-x86-mingw32)
      rake (> 0.0.0)
    geokit (1.6.0)
    geonames (0.2.2)
    hoe (1.12.2)
      rake (>= 0.8.4)
      rubyforge (>= 1.0.3)
    hpricot (0.8.6-x86-mingw32)
    htmlentities (4.3.1)
    httpclient (2.1.5.2)
    jammit (0.6.5)
      yui-compressor (>= 0.9.3)
    mysql (2.8.1)
    mysql (2.8.1-x86-mingw32)
    nokogiri (1.5.0)
    nokogiri (1.5.0-x86-mingw32)
    open4 (1.3.0)
    prawn (0.8.4)
      prawn-core (>= 0.8.4, < 0.9)
      prawn-layout (>= 0.8.4, < 0.9)
      prawn-security (>= 0.8.4, < 0.9)
    prawn-core (0.8.4)
    prawn-layout (0.8.4)
    prawn-security (0.8.4)
    premailer (1.7.3)
      css_parser (>= 1.1.9)
      htmlentities (>= 4.0.0)
    rack (1.1.3)
    rails (2.3.14)
      actionmailer (= 2.3.14)
      actionpack (= 2.3.14)
      activerecord (= 2.3.14)
      activeresource (= 2.3.14)
      activesupport (= 2.3.14)
      rake (>= 0.8.3)
    rake (0.9.2.2)
    rubyforge (2.0.4)
    scruffy (0.2.5)
      hoe (>= 1.7.0)
    soap4r (1.5.8)
      httpclient (>= 2.1.1)
    sparklines (0.5.2)
    uuidtools (2.1.1)
    vpim (0.658)
    win32-open3-19 (0.0.2)
    yui-compressor (0.9.6)
      POpen4 (>= 0.1.4)

PLATFORMS
  ruby
  x86-mingw32

DEPENDENCIES
  RMagick (= 2.12.0)
  builder
  fastercsv
  ferret (= 0.11.5)
  geokit
  geonames
  hpricot (= 0.8.6)
  jammit
  mysql
  nokogiri
  prawn
  premailer
  rack (= 1.1.3)
  rails (= 2.3.14)
  scruffy
  soap4r
  sparklines
  uuidtools
  vpim
  win32-open3-19
